GEM
  remote: https://rubygems.org/
  specs:
    puma (2.11.2)
      rack (>= 1.1, < 2.0)
    rack (1.6.0)
    sinatra (1.0)
      rack (>= 1.0)

PLATFORMS
  ruby

DEPENDENCIES
  puma
  sinatra (= 1.0)
